GIT
  remote: git://github.com/alanjds/exception_notification.git
  revision: 048fc6be972189e62ca3b9453d19233ec5773016
  specs:
    exception_notification (2.6.1)
      actionmailer (>= 3.0.4)
      tinder (~> 1.8)

GIT
  remote: git://github.com/spree/spree.git
  revision: c3dbeffa8dd5f401330c810374b7cf55e87970f1
  branch: 2-0-stable
  specs:
    spree (2.0.3)
      spree_api (= 2.0.3)
      spree_backend (= 2.0.3)
      spree_cmd (= 2.0.3)
      spree_core (= 2.0.3)
      spree_frontend (= 2.0.3)
      spree_sample (= 2.0.3)
    spree_api (2.0.3)
      rabl (= 0.8.4)
      spree_core (= 2.0.3)
      versioncake (= 1.0.0)
    spree_backend (2.0.3)
      deface (>= 0.9.0)
      jquery-rails (~> 3.0.0)
      jquery-ui-rails (~> 4.0.0)
      rails (~> 3.2.8)
      select2-rails (= 3.2.1)
      spree_api (= 2.0.3)
      spree_core (= 2.0.3)
    spree_cmd (2.0.3)
      thor (>= 0.14.6)
    spree_core (2.0.3)
      activemerchant (~> 1.34)
      acts_as_list (= 0.2.0)
      awesome_nested_set (= 2.1.5)
      aws-sdk (~> 1.3.4)
      cancan (= 1.6.8)
      deface (>= 0.9.0)
      ffaker (~> 1.16.1)
      highline (= 1.6.18)
      httparty (~> 0.11)
      json (>= 1.7.7)
      kaminari (= 0.13.0)
      money (= 5.1.1)
      paperclip (~> 3.4.1)
      paranoia (~> 1.3)
      rails (~> 3.2.13)
      ransack (= 0.7.2)
      state_machine (= 1.2.0)
      stringex (~> 1.5.1)
      truncate_html (= 0.9.2)
    spree_frontend (2.0.3)
      canonical-rails
      deface (>= 0.9.0)
      jquery-rails (~> 3.0.0)
      rails (~> 3.2.13)
      select2-rails (= 3.2.1)
      spree_api (= 2.0.3)
      spree_core (= 2.0.3)
      stringex (~> 1.5.1)
    spree_sample (2.0.3)
      spree_core (= 2.0.3)

GIT
  remote: git://github.com/spree/spree_auth_devise.git
  revision: 09a2cade1da5eb8c309c2d9d466e06126bac2238
  branch: 2-0-stable
  specs:
    spree_auth_devise (2.0.0)
      cancan (~> 1.6.7)
      devise (~> 2.2.3)
      devise-encryptable (= 0.1.2)
      spree_backend (~> 2.0.0)
      spree_core (~> 2.0.0)
      spree_frontend (~> 2.0.0)

GIT
  remote: git://github.com/spree/spree_comments.git
  revision: 7add222f109b8dfac9efc7ec0f791b622feaf89a
  specs:
    spree_comments (2.0.0)
      acts_as_commentable (= 3.0.1)
      spree_api
      spree_backend
      spree_core (>= 2.0.1)

GIT
  remote: git://github.com/spree/spree_gateway.git
  revision: 47b874c8fc554c9d33318df7fcc8d8f0e7e7d6a8
  branch: 2-0-stable
  specs:
    spree_gateway (2.1.0.beta)
      savon (~> 1.2)
      spree_core (~> 2.0.0)

GIT
  remote: git://github.com/spree/spree_paypal_express.git
  revision: 362469c65f22130ce69ccc7d43630b040ab67c90
  branch: 2-0-stable
  specs:
    spree_paypal_express (1.2.0)
      spree_backend (~> 2.0.0)
      spree_core (~> 2.0.0)
      spree_frontend (~> 2.0.0)

GEM
  remote: http://ruby.taobao.org/
  specs:
    actionmailer (3.2.13)
      actionpack (= 3.2.13)
      mail (~> 2.5.3)
    actionpack (3.2.13)
      activemodel (= 3.2.13)
      activesupport (= 3.2.13)
      builder (~> 3.0.0)
      erubis (~> 2.7.0)
      journey (~> 1.0.4)
      rack (~> 1.4.5)
      rack-cache (~> 1.2)
      rack-test (~> 0.6.1)
      sprockets (~> 2.2.1)
    active_utils (1.0.5)
      activesupport (>= 2.3.11)
      i18n
    activemerchant (1.34.1)
      active_utils (>= 1.0.2)
      activesupport (>= 2.3.14)
      builder (>= 2.0.0)
      i18n
      json (>= 1.5.1)
      money
      nokogiri (< 1.6.0)
    activemerchant_patch_for_china (0.2.0)
    activemodel (3.2.13)
      activesupport (= 3.2.13)
      builder (~> 3.0.0)
    activerecord (3.2.13)
      activemodel (= 3.2.13)
      activesupport (= 3.2.13)
      arel (~> 3.0.2)
      tzinfo (~> 0.3.29)
    activeresource (3.2.13)
      activemodel (= 3.2.13)
      activesupport (= 3.2.13)
    activesupport (3.2.13)
      i18n (= 0.6.1)
      multi_json (~> 1.0)
    acts_as_commentable (3.0.1)
    acts_as_list (0.2.0)
      activerecord (>= 3.0)
    akami (1.2.0)
      gyoku (>= 0.4.0)
      nokogiri (>= 1.4.0)
    arel (3.0.2)
    awesome_nested_set (2.1.5)
      activerecord (>= 3.0.0)
    aws-sdk (1.3.9)
      httparty (~> 0.7)
      json (~> 1.4)
      nokogiri (>= 1.4.4)
      uuidtools (~> 2.1)
    bcrypt-ruby (3.1.1)
    better_errors (0.2.0)
      coderay (>= 1.0.0)
      erubis (>= 2.7.0)
    binding_of_caller (0.7.2)
      debug_inspector (>= 0.0.1)
    builder (3.0.4)
    cancan (1.6.8)
    canonical-rails (0.0.3)
      rails (>= 3.1, < 5.0)
    climate_control (0.0.3)
      activesupport (>= 3.0)
    cocaine (0.5.1)
      climate_control (>= 0.0.3, < 1.0)
    coderay (1.0.9)
    coffee-rails (3.2.2)
      coffee-script (>= 2.2.0)
      railties (~> 3.2.0)
    coffee-script (2.2.0)
      coffee-script-source
      execjs
    coffee-script-source (1.6.3)
    debug_inspector (0.0.2)
    deface (0.9.1)
      nokogiri (~> 1.5.0)
      rails (~> 3.1)
    devise (2.2.4)
      bcrypt-ruby (~> 3.0)
      orm_adapter (~> 0.1)
      railties (~> 3.1)
      warden (~> 1.2.1)
    devise-encryptable (0.1.2)
      devise (>= 2.1.0)
    diff-lcs (1.1.3)
    erubis (2.7.0)
    eventmachine (1.0.3)
    execjs (1.4.0)
      multi_json (~> 1.0)
    faraday (0.8.8)
      multipart-post (~> 1.2.0)
    faraday_middleware (0.9.0)
      faraday (>= 0.7.4, < 0.9)
    ffaker (1.16.2)
    gyoku (0.4.6)
      builder (>= 2.1.2)
    hashie (1.2.0)
    highline (1.6.18)
    hike (1.2.3)
    http_parser.rb (0.5.3)
    httparty (0.11.0)
      multi_json (~> 1.0)
      multi_xml (>= 0.5.2)
    httpi (1.1.1)
      rack
    i18n (0.6.1)
    journey (1.0.4)
    jquery-rails (3.0.4)
      railties (>= 3.0, < 5.0)
      thor (>= 0.14, < 2.0)
    jquery-ui-rails (4.0.3)
      jquery-rails
      railties (>= 3.1.0)
    json (1.8.0)
    kaminari (0.13.0)
      actionpack (>= 3.0.0)
      activesupport (>= 3.0.0)
      railties (>= 3.0.0)
    mail (2.5.4)
      mime-types (~> 1.16)
      treetop (~> 1.4.8)
    method_source (0.8.1)
    mime-types (1.23)
    money (5.1.1)
      i18n (~> 0.6.0)
    multi_json (1.7.7)
    multi_xml (0.5.4)
    multipart-post (1.2.0)
    mysql2 (0.3.11)
    nokogiri (1.5.10)
    nori (1.1.5)
    orm_adapter (0.4.0)
    paperclip (3.4.2)
      activemodel (>= 3.0.0)
      activerecord (>= 3.0.0)
      activesupport (>= 3.0.0)
      cocaine (~> 0.5.0)
      mime-types
    paranoia (1.3.1)
      activerecord (~> 3.2)
    polyamorous (0.5.0)
      activerecord (~> 3.0)
    polyglot (0.3.3)
    pry (0.9.12.2)
      coderay (~> 1.0.5)
      method_source (~> 0.8)
      slop (~> 3.4)
    rabl (0.8.4)
      activesupport (>= 2.3.14)
    rack (1.4.5)
    rack-cache (1.2)
      rack (>= 0.4)
    rack-ssl (1.3.3)
      rack
    rack-test (0.6.2)
      rack (>= 1.0)
    rails (3.2.13)
      actionmailer (= 3.2.13)
      actionpack (= 3.2.13)
      activerecord (= 3.2.13)
      activeresource (= 3.2.13)
      activesupport (= 3.2.13)
      bundler (~> 1.0)
      railties (= 3.2.13)
    railties (3.2.13)
      actionpack (= 3.2.13)
      activesupport (= 3.2.13)
      rack-ssl (~> 1.3.2)
      rake (>= 0.8.7)
      rdoc (~> 3.4)
      thor (>= 0.14.6, < 2.0)
    rake (10.1.0)
    ransack (0.7.2)
      actionpack (~> 3.0)
      activerecord (~> 3.0)
      polyamorous (~> 0.5.0)
    rdoc (3.12.2)
      json (~> 1.4)
    rspec-core (2.12.2)
    rspec-expectations (2.12.1)
      diff-lcs (~> 1.1.3)
    rspec-mocks (2.12.2)
    rspec-rails (2.12.2)
      actionpack (>= 3.0)
      activesupport (>= 3.0)
      railties (>= 3.0)
      rspec-core (~> 2.12.0)
      rspec-expectations (~> 2.12.0)
      rspec-mocks (~> 2.12.0)
    ruby-hmac (0.4.0)
    sass (3.2.9)
    sass-rails (3.2.6)
      railties (~> 3.2.0)
      sass (>= 3.1.10)
      tilt (~> 1.3)
    savon (1.2.0)
      akami (~> 1.2.0)
      builder (>= 2.1.2)
      gyoku (~> 0.4.5)
      httpi (~> 1.1.0)
      nokogiri (>= 1.4.0)
      nori (~> 1.1.0)
      wasabi (~> 2.5.0)
    select2-rails (3.2.1)
      thor (~> 0.14)
    simple_oauth (0.1.9)
    slop (3.4.5)
    spork (1.0.0rc3)
    sprockets (2.2.2)
      hike (~> 1.2)
      multi_json (~> 1.0)
      rack (~> 1.0)
      tilt (~> 1.1, != 1.3.0)
    state_machine (1.2.0)
    stringex (1.5.1)
    thor (0.18.1)
    tilt (1.4.1)
    tinder (1.9.1)
      eventmachine (>= 0.12.0, < 2)
      faraday (~> 0.8)
      faraday_middleware (~> 0.8)
      hashie (~> 1.0)
      json (~> 1.6)
      mime-types (~> 1.16)
      multi_json (~> 1.0)
      multipart-post (~> 1.1)
      twitter-stream (~> 0.1)
    treetop (1.4.14)
      polyglot
      polyglot (>= 0.3.1)
    truncate_html (0.9.2)
    twitter-stream (0.1.16)
      eventmachine (>= 0.12.8)
      http_parser.rb (~> 0.5.1)
      simple_oauth (~> 0.1.4)
    tzinfo (0.3.37)
    uglifier (2.1.2)
      execjs (>= 0.3.0)
      multi_json (~> 1.0, >= 1.0.2)
    uuidtools (2.1.4)
    versioncake (1.0.0)
      actionpack (>= 3.0)
      activesupport (>= 3.0)
      railties (>= 3.0)
    warden (1.2.3)
      rack (>= 1.0)
    wasabi (2.5.1)
      httpi (~> 1.0)
      nokogiri (>= 1.4.0)

PLATFORMS
  ruby

DEPENDENCIES
  activemerchant_patch_for_china
  better_errors (= 0.2.0)
  binding_of_caller
  coffee-rails (~> 3.2.1)
  exception_notification!
  jquery-rails
  mysql2
  pry
  rails (= 3.2.13)
  rspec-rails (~> 2.0)
  ruby-hmac
  sass-rails (~> 3.2.3)
  spork
  spree!
  spree_auth_devise!
  spree_comments!
  spree_gateway!
  spree_paypal_express!
  uglifier (>= 1.0.3)
